PATH
  remote: .
  specs:
    likewise (0.0.1)
      dalli
      uuid

GEM
  specs:
    dalli (1.0.5)
    diff-lcs (1.1.3)
    macaddr (1.4.0)
      systemu (~> 2.2.0)
    rack (1.3.5)
    rack-protection (1.1.4)
      rack
    rspec (2.7.0)
      rspec-core (~> 2.7.0)
      rspec-expectations (~> 2.7.0)
      rspec-mocks (~> 2.7.0)
    rspec-core (2.7.1)
    rspec-expectations (2.7.0)
      diff-lcs (~> 1.1.2)
    rspec-mocks (2.7.0)
    sinatra (1.3.1)
      rack (~> 1.3, >= 1.3.4)
      rack-protection (~> 1.1, >= 1.1.2)
      tilt (~> 1.3, >= 1.3.3)
    systemu (2.2.0)
    tilt (1.3.3)
    uuid (2.3.4)
      macaddr (~> 1.0)

PLATFORMS
  ruby

DEPENDENCIES
  likewise!
  rspec
  sinatra
